GEM
  remote: https://rubygems.org/
  specs:
    addressable (2.4.0)
    backports (3.6.8)
    byebug (9.0.6)
    crack (0.4.3)
      safe_yaml (~> 1.0.0)
    erubis (2.7.0)
    faraday (0.9.2)
      multipart-post (>= 1.2, < 3)
    foreman (0.82.0)
      thor (~> 0.19.1)
    hashdiff (0.3.0)
    minitest (5.9.1)
    multi_json (1.12.1)
    multipart-post (2.0.0)
    octokit (4.4.1)
      sawyer (~> 0.7.0, >= 0.5.3)
    puma (3.6.0)
    rack (1.6.4)
    rack-protection (1.5.3)
      rack
    rack-test (0.6.3)
      rack (>= 1.0)
    rake (10.5.0)
    safe_yaml (1.0.4)
    sawyer (0.7.0)
      addressable (>= 2.3.5, < 2.5)
      faraday (~> 0.8, < 0.10)
    sinatra (1.4.7)
      rack (~> 1.5)
      rack-protection (~> 1.4)
      tilt (>= 1.3, < 3)
    sinatra-contrib (1.4.7)
      backports (>= 2.0)
      multi_json
      rack-protection
      rack-test
      sinatra (~> 1.4.0)
      tilt (>= 1.3, < 3)
    thor (0.19.1)
    tilt (2.0.5)
    webmock (2.1.0)
      addressable (>= 2.3.6)
      crack (>= 0.3.2)
      hashdiff

PLATFORMS
  ruby

DEPENDENCIES
  byebug
  erubis (~> 2.7)
  foreman (~> 0.78)
  minitest (~> 5.6)
  octokit (~> 4.0)
  puma (~> 3.6)
  rack-test (~> 0.6)
  rake (~> 10.0)
  sinatra (~> 1.4)
  sinatra-contrib (~> 1.4)
  webmock (~> 2.1)

BUNDLED WITH
   1.11.2
