PATH
  remote: .
  specs:
    sheldon (1.0.30)
      citeproc-ruby
      csl-styles
      diffy
      dotenv
      erubis (~> 2.7)
      faraday
      faraday_middleware
      git_diff
      hashdiff (= 0.3.7)
      nokogiri
      octokit (~> 4.0)
      ostruct
      reverse_markdown

GEM
  remote: https://rubygems.org/
  specs:
    addressable (2.7.0)
      public_suffix (>= 2.0.2, < 5.0)
    bump (0.8.0)
    citeproc (1.0.10)
      namae (~> 1.0)
    citeproc-ruby (1.1.13)
      citeproc (~> 1.0, >= 1.0.9)
      csl (~> 1.5)
    csl (1.5.2)
      namae (~> 1.0)
    csl-styles (1.0.1.10)
      csl (~> 1.0)
    diffy (3.4.0)
    dotenv (2.7.6)
    erubis (2.7.0)
    faraday (1.1.0)
      multipart-post (>= 1.2, < 3)
      ruby2_keywords
    faraday_middleware (1.0.0)
      faraday (~> 1.0)
    git_diff (0.4.2)
    hashdiff (0.3.7)
    mini_portile2 (2.5.0)
    multipart-post (2.1.1)
    namae (1.0.1)
    nokogiri (1.11.1)
      mini_portile2 (~> 2.5.0)
      racc (~> 1.4)
    octokit (4.19.0)
      faraday (>= 0.9)
      sawyer (~> 0.8.0, >= 0.5.3)
    ostruct (0.3.1)
    public_suffix (4.0.6)
    racc (1.5.2)
    rake (13.0.1)
    reverse_markdown (2.0.0)
      nokogiri
    ruby2_keywords (0.0.2)
    sawyer (0.8.2)
      addressable (>= 2.3.5)
      faraday (> 0.8, < 2.0)

PLATFORMS
  ruby

DEPENDENCIES
  bump
  bundler
  rake
  sheldon!

RUBY VERSION
   ruby 2.6.3p62

BUNDLED WITH
   1.17.3
