GEM
  remote: https://rubygems.org/
  specs:
    byebug (4.0.5)
      columnize (= 0.9.0)
    columnize (0.9.0)
    erubis (2.7.0)
    foreman (0.78.0)
      thor (~> 0.19.1)
    minitest (5.6.0)
    puma (2.11.2)
      rack (>= 1.1, < 2.0)
    rack (1.6.0)
    rack-protection (1.5.3)
      rack
    rack-test (0.6.3)
      rack (>= 1.0)
    rake (10.4.2)
    sinatra (1.4.6)
      rack (~> 1.4)
      rack-protection (~> 1.4)
      tilt (>= 1.3, < 3)
    thor (0.19.1)
    tilt (1.4.1)

PLATFORMS
  ruby

DEPENDENCIES
  byebug
  erubis (~> 2.7)
  foreman (~> 0.78)
  minitest (~> 5.6)
  puma (~> 2.11)
  rack-test (~> 0.6)
  rake (~> 10.0)
  sinatra (~> 1.4)
