PATH
  remote: .
  specs:
    sheldon (0.1.17)
      byebug
      citeproc-ruby
      csl-styles
      diffy
      dotenv
      erubis
      foreman
      octokit
      ostruct
      puma
      reverse_markdown
      sinatra
      sinatra-contrib

GEM
  remote: https://rubygems.org/
  specs:
    addressable (2.6.0)
      public_suffix (>= 2.0.2, < 4.0)
    backports (3.15.0)
    bump (0.8.0)
    byebug (11.0.1)
    citeproc (1.0.9)
      namae (~> 1.0)
    citeproc-ruby (1.1.10)
      citeproc (~> 1.0, >= 1.0.9)
      csl (~> 1.5)
    crack (0.4.3)
      safe_yaml (~> 1.0.0)
    csl (1.5.0)
      namae (~> 1.0)
    csl-styles (1.0.1.9)
      csl (~> 1.0)
    diff-lcs (1.3)
    diffy (3.3.0)
    dotenv (2.7.2)
    erubis (2.7.0)
    faraday (0.15.4)
      multipart-post (>= 1.2, < 3)
    foreman (0.85.0)
      thor (~> 0.19.1)
    hashdiff (0.4.0)
    mini_portile2 (2.4.0)
    minitest (5.11.3)
    multi_json (1.13.1)
    multipart-post (2.1.1)
    mustermann (1.0.3)
    namae (1.0.1)
    nokogiri (1.10.3)
      mini_portile2 (~> 2.4.0)
    octokit (4.14.0)
      sawyer (~> 0.8.0, >= 0.5.3)
    ostruct (0.1.0)
    public_suffix (3.1.0)
    puma (3.12.1)
    rack (2.0.7)
    rack-protection (2.0.5)
      rack
    rack-test (1.1.0)
      rack (>= 1.0, < 3)
    rake (12.3.2)
    reverse_markdown (1.1.0)
      nokogiri
    rspec (3.8.0)
      rspec-core (~> 3.8.0)
      rspec-expectations (~> 3.8.0)
      rspec-mocks (~> 3.8.0)
    rspec-core (3.8.0)
      rspec-support (~> 3.8.0)
    rspec-expectations (3.8.3)
      diff-lcs (>= 1.2.0, < 2.0)
      rspec-support (~> 3.8.0)
    rspec-mocks (3.8.0)
      diff-lcs (>= 1.2.0, < 2.0)
      rspec-support (~> 3.8.0)
    rspec-support (3.8.0)
    safe_yaml (1.0.5)
    sawyer (0.8.2)
      addressable (>= 2.3.5)
      faraday (> 0.8, < 2.0)
    sinatra (2.0.5)
      mustermann (~> 1.0)
      rack (~> 2.0)
      rack-protection (= 2.0.5)
      tilt (~> 2.0)
    sinatra-contrib (2.0.5)
      backports (>= 2.8.2)
      multi_json
      mustermann (~> 1.0)
      rack-protection (= 2.0.5)
      sinatra (= 2.0.5)
      tilt (>= 1.3, < 3)
    thor (0.19.4)
    tilt (2.0.9)
    webmock (3.5.1)
      addressable (>= 2.3.6)
      crack (>= 0.3.2)
      hashdiff

PLATFORMS
  ruby

DEPENDENCIES
  bump
  bundler
  minitest
  rack-test
  rake
  rspec
  sheldon!
  webmock

BUNDLED WITH
   2.0.1
