GEM
  remote: https://rubygems.org/
  specs:
    addressable (2.5.2)
      public_suffix (>= 2.0.2, < 4.0)
    backports (3.11.4)
    byebug (10.0.2)
    crack (0.4.3)
      safe_yaml (~> 1.0.0)
    erubis (2.7.0)
    faraday (0.15.3)
      multipart-post (>= 1.2, < 3)
    foreman (0.85.0)
      thor (~> 0.19.1)
    hashdiff (0.3.7)
    minitest (5.11.3)
    multi_json (1.13.1)
    multipart-post (2.0.0)
    octokit (4.13.0)
      sawyer (~> 0.8.0, >= 0.5.3)
    public_suffix (3.0.3)
    puma (3.12.0)
    rack (1.6.11)
    rack-protection (1.5.5)
      rack
    rack-test (0.8.3)
      rack (>= 1.0, < 3)
    rake (10.5.0)
    safe_yaml (1.0.4)
    sawyer (0.8.1)
      addressable (>= 2.3.5, < 2.6)
      faraday (~> 0.8, < 1.0)
    sinatra (1.4.8)
      rack (~> 1.5)
      rack-protection (~> 1.4)
      tilt (>= 1.3, < 3)
    sinatra-contrib (1.4.7)
      backports (>= 2.0)
      multi_json
      rack-protection
      rack-test
      sinatra (~> 1.4.0)
      tilt (>= 1.3, < 3)
    thor (0.19.4)
    tilt (2.0.8)
    webmock (2.3.2)
      addressable (>= 2.3.6)
      crack (>= 0.3.2)
      hashdiff

PLATFORMS
  ruby

DEPENDENCIES
  byebug
  erubis (~> 2.7)
  foreman (~> 0.78)
  minitest (~> 5.6)
  octokit (~> 4.0)
  puma (~> 3.6)
  rack-test (~> 0.6)
  rake (~> 10.0)
  sinatra (~> 1.4)
  sinatra-contrib (~> 1.4)
  webmock (~> 2.1)

RUBY VERSION
   ruby 2.4.1p111

BUNDLED WITH
   1.16.6
