PATH
  remote: .
  specs:
    sheldon (1.0.31)
      citeproc-ruby (~> 2.0)
      csl-styles (~> 2.0)
      diffy
      dotenv
      erubis (~> 2.7)
      faraday (= 1.0.1)
      faraday_middleware (= 1.2.0)
      git_diff
      hashdiff (= 0.3.7)
      nokogiri
      octokit (~> 4.0)
      ostruct
      reverse_markdown

GEM
  remote: https://rubygems.org/
  specs:
    addressable (2.8.0)
      public_suffix (>= 2.0.2, < 5.0)
    bump (0.10.0)
    citeproc (1.0.10)
      namae (~> 1.0)
    citeproc-ruby (2.0.0)
      citeproc (~> 1.0, >= 1.0.9)
      csl (~> 2.0)
    csl (2.0.0)
      namae (~> 1.0)
      rexml
    csl-styles (2.0.0)
      csl (~> 2.0)
    diffy (3.4.0)
    dotenv (2.7.6)
    erubis (2.7.0)
    faraday (1.0.1)
      multipart-post (>= 1.2, < 3)
    faraday_middleware (1.2.0)
      faraday (~> 1.0)
    git_diff (0.4.3)
    hashdiff (0.3.7)
    multipart-post (2.1.1)
    namae (1.1.1)
    nokogiri (1.14.3-x86_64-linux)
      racc (~> 1.4)
    octokit (4.21.0)
      faraday (>= 0.9)
      sawyer (~> 0.8.0, >= 0.5.3)
    ostruct (0.5.2)
    public_suffix (4.0.6)
    racc (1.6.2)
    rake (13.0.6)
    reverse_markdown (2.1.1)
      nokogiri
    rexml (3.2.5)
    sawyer (0.8.2)
      addressable (>= 2.3.5)
      faraday (> 0.8, < 2.0)

PLATFORMS
  x86_64-linux

DEPENDENCIES
  bump
  bundler
  rake
  sheldon!

RUBY VERSION
   ruby 3.0.2p107

BUNDLED WITH
   2.2.22
