GEM
  remote: https://rubygems.org/
  specs:
    byebug (4.0.5)
      columnize (= 0.9.0)
    columnize (0.9.0)
    diff-lcs (1.2.5)
    foreman (0.78.0)
      thor (~> 0.19.1)
    puma (2.11.2)
      rack (>= 1.1, < 2.0)
    rack (1.6.0)
    rack-protection (1.5.3)
      rack
    rake (10.4.2)
    rspec (3.2.0)
      rspec-core (~> 3.2.0)
      rspec-expectations (~> 3.2.0)
      rspec-mocks (~> 3.2.0)
    rspec-core (3.2.3)
      rspec-support (~> 3.2.0)
    rspec-expectations (3.2.1)
      diff-lcs (>= 1.2.0, < 2.0)
      rspec-support (~> 3.2.0)
    rspec-mocks (3.2.1)
      diff-lcs (>= 1.2.0, < 2.0)
      rspec-support (~> 3.2.0)
    rspec-support (3.2.2)
    sinatra (1.4.6)
      rack (~> 1.4)
      rack-protection (~> 1.4)
      tilt (>= 1.3, < 3)
    thor (0.19.1)
    tilt (1.4.1)

PLATFORMS
  ruby

DEPENDENCIES
  byebug
  foreman (~> 0.78)
  puma (~> 2.11)
  rake (~> 10.0)
  rspec (~> 3.0)
  sinatra (~> 1.4)
