PATH
  remote: .
  specs:
    sheldon (0.1.27)
      citeproc-ruby
      csl-styles
      diffy
      dotenv
      httparty
      ostruct
      reverse_markdown

GEM
  remote: https://rubygems.org/
  specs:
    addressable (2.6.0)
      public_suffix (>= 2.0.2, < 4.0)
    backports (3.15.0)
    bump (0.8.0)
    byebug (11.0.1)
    citeproc (1.0.9)
      namae (~> 1.0)
    citeproc-ruby (1.1.10)
      citeproc (~> 1.0, >= 1.0.9)
      csl (~> 1.5)
    crack (0.4.3)
      safe_yaml (~> 1.0.0)
    csl (1.5.0)
      namae (~> 1.0)
    csl-styles (1.0.1.9)
      csl (~> 1.0)
    dalli (2.7.10)
    diffy (3.3.0)
    dotenv (2.7.2)
    erubis (2.7.0)
    faraday (0.15.4)
      multipart-post (>= 1.2, < 3)
    foreman (0.85.0)
      thor (~> 0.19.1)
    hashdiff (0.3.7)
    httparty (0.17.0)
      mime-types (~> 3.0)
      multi_xml (>= 0.5.2)
    mime-types (3.2.2)
      mime-types-data (~> 3.2015)
    mime-types-data (3.2019.0331)
    mini_portile2 (2.4.0)
    minitest (5.11.3)
    multi_json (1.13.1)
    multi_xml (0.6.0)
    multipart-post (2.1.1)
    namae (1.0.1)
    nokogiri (1.10.3)
      mini_portile2 (~> 2.4.0)
    octokit (4.14.0)
      sawyer (~> 0.8.0, >= 0.5.3)
    ostruct (0.1.0)
    public_suffix (3.1.0)
    puma (3.12.1)
    rack (1.6.11)
    rack-protection (1.5.5)
      rack
    rack-test (0.8.3)
      rack (>= 1.0, < 3)
    rake (10.5.0)
    reverse_markdown (1.1.0)
      nokogiri
    safe_yaml (1.0.5)
    sawyer (0.8.2)
      addressable (>= 2.3.5)
      faraday (> 0.8, < 2.0)
    sinatra (1.4.8)
      rack (~> 1.5)
      rack-protection (~> 1.4)
      tilt (>= 1.3, < 3)
    sinatra-contrib (1.4.7)
      backports (>= 2.0)
      multi_json
      rack-protection
      rack-test
      sinatra (~> 1.4.0)
      tilt (>= 1.3, < 3)
    thor (0.19.4)
    tilt (2.0.9)
    webmock (2.3.2)
      addressable (>= 2.3.6)
      crack (>= 0.3.2)
      hashdiff

PLATFORMS
  ruby

DEPENDENCIES
  bump
  bundler
  byebug
  dalli
  erubis (~> 2.7)
  foreman (~> 0.78)
  hashdiff (= 0.3.7)
  minitest (~> 5.6)
  octokit (~> 4.0)
  puma (~> 3.6)
  rack-test (~> 0.6)
  rake (~> 10.0)
  sheldon!
  sinatra (~> 1.4)
  sinatra-contrib (~> 1.4)
  webmock (~> 2.1)

RUBY VERSION
   ruby 2.6.3p62

BUNDLED WITH
   1.17.2
